GIT
  remote: git://github.com/adelevie/ParseModel.git
  revision: 92626e598bb02126f539f1a46cabef745b77926e
  specs:
    ParseModel (0.0.6)

GEM
  remote: https://rubygems.org/
  specs:
    bubble-wrap (1.1.4)
    formotion (1.1.1)
      bubble-wrap (>= 1.1.4)

PLATFORMS
  ruby

DEPENDENCIES
  ParseModel!
  formotion (~> 1.1.1)
