GEM
  remote: https://rubygems.org/
  specs:
    ParseModel (0.0.6)
    bubble-wrap (1.1.4)
    formotion (1.1.1)
      bubble-wrap (>= 1.1.4)

PLATFORMS
  ruby

DEPENDENCIES
  ParseModel
  formotion (~> 1.1.1)
