GIT
  remote: https://github.com/rubymotion/BubbleWrap.git
  revision: 3b6f2034ea5a200499d510bda1c891b87c7d1587
  specs:
    bubble-wrap (1.1.3)

GEM
  remote: https://rubygems.org/
  specs:
    ParseModel (0.0.6)

PLATFORMS
  ruby

DEPENDENCIES
  ParseModel
  bubble-wrap!
